GEM
  remote: http://rubygems.org/
  specs:
    activesupport (3.0.8)
    builder (3.0.0)
    diff-lcs (1.1.2)
    fakeweb (1.3.0)
    git (1.2.5)
    i18n (0.6.0)
    jeweler (1.6.2)
      bundler (~> 1.0)
      git (>= 1.2.5)
      rake
    rake (0.9.2)
    rcov (0.9.9)
    rspec (2.6.0)
      rspec-core (~> 2.6.0)
      rspec-expectations (~> 2.6.0)
      rspec-mocks (~> 2.6.0)
    rspec-core (2.6.4)
    rspec-expectations (2.6.0)
      diff-lcs (~> 1.1.2)
    rspec-mocks (2.6.0)
    shoulda (2.11.3)

PLATFORMS
  ruby

DEPENDENCIES
  activesupport (>= 3.0.7)
  builder (~> 3.0)
  bundler (~> 1.0.0)
  fakeweb
  i18n
  jeweler (~> 1.6.0)
  rcov
  rspec
  shoulda
